GEM
  remote: https://rubygems.org/
  specs:
    bundler-audit (0.8.0)
      bundler (>= 1.2.0, < 3)
      thor (~> 1.0)
    json (2.5.1)
    minitest (5.14.2)
    thor (1.1.0)

PLATFORMS
  x86_64-darwin-18

DEPENDENCIES
  bundler-audit
  json
  minitest

BUNDLED WITH
   2.2.3
